GEM
  remote: http://rubygems.org/
  specs:
    rack (1.4.1)
    rack-cache (1.2)
      rack (>= 0.4)
    rack-protection (1.2.0)
      rack
    rack-test (0.6.1)
      rack (>= 1.0)
    sinatra (1.3.2)
      rack (>= 1.3.6, ~> 1.3)
      rack-protection (~> 1.2)
      tilt (>= 1.3.3, ~> 1.3)
    tilt (1.3.3)

PLATFORMS
  ruby

DEPENDENCIES
  rack-cache
  rack-test
  sinatra
